GEM
  remote: https://rubygems.org/
  specs:
    diff-lcs (1.2.5)
    json_pure (1.8.2)
    rspec (3.2.0)
      rspec-core (~> 3.2.0)
      rspec-expectations (~> 3.2.0)
      rspec-mocks (~> 3.2.0)
    rspec-core (3.2.2)
      rspec-support (~> 3.2.0)
    rspec-expectations (3.2.0)
      diff-lcs (>= 1.2.0, < 2.0)
      rspec-support (~> 3.2.0)
    rspec-mocks (3.2.1)
      diff-lcs (>= 1.2.0, < 2.0)
      rspec-support (~> 3.2.0)
    rspec-support (3.2.2)
    trollop (2.0)

PLATFORMS
  ruby
  x86-mingw32

DEPENDENCIES
  json_pure
  rspec (~> 3.2)
  trollop
